PATH
  remote: .
  specs:
    scraper (0.1.0)
      nokolexbor (~> 0.5.4)

GEM
  remote: https://rubygems.org/
  specs:
    diff-lcs (1.5.1)
    nokolexbor (0.5.4)
    nokolexbor (0.5.4-arm64-darwin)
    nokolexbor (0.5.4-x86_64-darwin)
    nokolexbor (0.5.4-x86_64-linux)
    optparse (0.6.0)
    rake (13.2.1)
    rspec (3.13.0)
      rspec-core (~> 3.13.0)
      rspec-expectations (~> 3.13.0)
      rspec-mocks (~> 3.13.0)
    rspec-core (3.13.2)
      rspec-support (~> 3.13.0)
    rspec-expectations (3.13.3)
      diff-lcs (>= 1.2.0, < 2.0)
      rspec-support (~> 3.13.0)
    rspec-mocks (3.13.2)
      diff-lcs (>= 1.2.0, < 2.0)
      rspec-support (~> 3.13.0)
    rspec-support (3.13.2)

PLATFORMS
  arm64-darwin
  ruby
  x86_64-darwin
  x86_64-linux

DEPENDENCIES
  nokolexbor (~> 0.5.4)
  optparse (~> 0.6.0)
  rake (~> 13.0)
  rspec (~> 3.0)
  scraper!

BUNDLED WITH
   2.5.4
